GEM
  remote: https://rubygems.org/
  specs:
    minitest (4.3.3)
    rake (10.0.3)

PLATFORMS
  ruby

DEPENDENCIES
  minitest
  rake
